GIT
  remote: https://github.com/Platoniq/decidim-module-alternative_landing
  revision: a6771dbfe568e9cf716274a73970d60cfe293483
  branch: release/0.26-stable
  specs:
    decidim-alternative_landing (0.3.0)
      decidim-admin (>= 0.25.0, < 0.27)
      decidim-core (>= 0.25.0, < 0.27)
      redcarpet (~> 3.4)

GIT
  remote: https://github.com/Platoniq/decidim-module-comparative_stats
  revision: 338aa5b0c05360963951c69e06e9a82e47538718
  branch: release/0.25-stable
  specs:
    decidim-comparative_stats (1.2.0)
      chartkick (~> 4.0)
      decidim-admin (>= 0.25.0, < 0.26)
      decidim-core (>= 0.25.0, < 0.26)
      graphlient (< 0.6)

GIT
  remote: https://github.com/Platoniq/decidim-module-navigation_maps
  revision: 6ac6ecefc20278295eb2c0e6a40c654f8649aa1e
  branch: release/0.26-stable
  specs:
    decidim-navigation_maps (1.3.4)
      decidim-admin (>= 0.25, < 0.27)
      decidim-core (>= 0.25, < 0.27)

GIT
  remote: https://github.com/Platoniq/decidim-module-time_tracker
  revision: bd939ae1a35700095d8550082d06cb02c3b4a03f
  branch: release/0.25-stable
  specs:
    decidim-time_tracker (0.4)
      decidim-accountability (>= 0.25.0, < 0.27)
      decidim-admin (>= 0.25.0, < 0.27)
      decidim-core (>= 0.25.0, < 0.27)
      decidim-forms (>= 0.25.0, < 0.27)
      wicked_pdf (~> 2.1)
      wkhtmltopdf-binary (~> 0.12)

GIT
  remote: https://github.com/Platoniq/decidim-verifications-direct_verifications
  revision: 831653db0c831ef2a298c0f1b869d9e7e921fef2
  branch: release/0.25-stable
  specs:
    decidim-direct_verifications (1.2.1)
      decidim-admin (>= 0.25.0)
      decidim-core (>= 0.25.0)

GIT
  remote: https://github.com/mainio/decidim-module-term_customizer
  revision: 1d20451c56b7809cf0d509bbb4d0ac63d4791c8c
  branch: release/0.25-stable
  specs:
    decidim-term_customizer (0.25.0)
      decidim-admin (~> 0.25.0)
      decidim-core (~> 0.25.0)

GEM
  remote: https://rubygems.org/
  specs:
    actioncable (6.0.6.1)
      actionpack (= 6.0.6.1)
      nio4r (~> 2.0)
      websocket-driver (>= 0.6.1)
    actionmailbox (6.0.6.1)
      actionpack (= 6.0.6.1)
      activejob (= 6.0.6.1)
      activerecord (= 6.0.6.1)
      activestorage (= 6.0.6.1)
      activesupport (= 6.0.6.1)
      mail (>= 2.7.1)
    actionmailer (6.0.6.1)
      actionpack (= 6.0.6.1)
      actionview (= 6.0.6.1)
      activejob (= 6.0.6.1)
      mail (~> 2.5, >= 2.5.4)
      rails-dom-testing (~> 2.0)
    actionpack (6.0.6.1)
      actionview (= 6.0.6.1)
      activesupport (= 6.0.6.1)
      rack (~> 2.0, >= 2.0.8)
      rack-test (>= 0.6.3)
      rails-dom-testing (~> 2.0)
      rails-html-sanitizer (~> 1.0, >= 1.2.0)
    actiontext (6.0.6.1)
      actionpack (= 6.0.6.1)
      activerecord (= 6.0.6.1)
      activestorage (= 6.0.6.1)
      activesupport (= 6.0.6.1)
      nokogiri (>= 1.8.5)
    actionview (6.0.6.1)
      activesupport (= 6.0.6.1)
      builder (~> 3.1)
      erubi (~> 1.4)
      rails-dom-testing (~> 2.0)
      rails-html-sanitizer (~> 1.1, >= 1.2.0)
    active_link_to (1.0.5)
      actionpack
      addressable
    activejob (6.0.6.1)
      activesupport (= 6.0.6.1)
      globalid (>= 0.3.6)
    activemodel (6.0.6.1)
      activesupport (= 6.0.6.1)
    activerecord (6.0.6.1)
      activemodel (= 6.0.6.1)
      activesupport (= 6.0.6.1)
    activestorage (6.0.6.1)
      actionpack (= 6.0.6.1)
      activejob (= 6.0.6.1)
      activerecord (= 6.0.6.1)
      marcel (~> 1.0)
    activesupport (6.0.6.1)
      concurrent-ruby (~> 1.0, >= 1.0.2)
      i18n (>= 0.7, < 2)
      minitest (~> 5.1)
      tzinfo (~> 1.1)
      zeitwerk (~> 2.2, >= 2.2.2)
    acts_as_list (0.9.19)
      activerecord (>= 3.0)
    addressable (2.8.6)
      public_suffix (>= 2.0.2, < 6.0)
    airbrussh (1.5.1)
      sshkit (>= 1.6.1, != 1.7.0)
    anchored (1.1.0)
    ast (2.4.2)
    aws-eventstream (1.3.0)
    aws-partitions (1.911.0)
    aws-sdk-core (3.191.6)
      aws-eventstream (~> 1, >= 1.3.0)
      aws-partitions (~> 1, >= 1.651.0)
      aws-sigv4 (~> 1.8)
      jmespath (~> 1, >= 1.6.1)
    aws-sdk-kms (1.78.0)
      aws-sdk-core (~> 3, >= 3.191.0)
      aws-sigv4 (~> 1.1)
    aws-sdk-s3 (1.146.1)
      aws-sdk-core (~> 3, >= 3.191.0)
      aws-sdk-kms (~> 1)
      aws-sigv4 (~> 1.8)
    aws-sigv4 (1.8.0)
      aws-eventstream (~> 1, >= 1.0.2)
    axe-core-api (4.8.2)
      dumb_delegator
      virtus
    axe-core-rspec (4.1.0)
      axe-core-api
      dumb_delegator
      virtus
    axiom-types (0.1.1)
      descendants_tracker (~> 0.0.4)
      ice_nine (~> 0.11.0)
      thread_safe (~> 0.3, >= 0.3.1)
    base64 (0.2.0)
    batch-loader (1.5.0)
    bcrypt (3.1.20)
    better_html (1.0.16)
      actionview (>= 4.0)
      activesupport (>= 4.0)
      ast (~> 2.0)
      erubi (~> 1.4)
      html_tokenizer (~> 0.0.6)
      parser (>= 2.4)
      smart_properties
    bigdecimal (3.1.7)
    bindex (0.8.1)
    bootsnap (1.18.3)
      msgpack (~> 1.2)
    browser (2.7.1)
    builder (3.2.4)
    byebug (11.1.3)
    capistrano (3.18.1)
      airbrussh (>= 1.0.0)
      i18n
      rake (>= 10.0.0)
      sshkit (>= 1.9.0)
    capistrano-bundler (2.1.0)
      capistrano (~> 3.1)
    capistrano-passenger (0.2.1)
      capistrano (~> 3.0)
    capistrano-rails (1.6.3)
      capistrano (~> 3.1)
      capistrano-bundler (>= 1.1, < 3)
    capistrano-rails-console (2.3.0)
      capistrano (>= 3.5.0, < 4.0.0)
      sshkit-interactive (~> 0.3.0)
    capistrano-rbenv (2.2.0)
      capistrano (~> 3.1)
      sshkit (~> 1.3)
    capistrano-sidekiq (2.3.1)
      capistrano (>= 3.9.0)
      capistrano-bundler
      sidekiq (>= 6.0)
    capybara (3.39.2)
      addressable
      matrix
      mini_mime (>= 0.1.3)
      nokogiri (~> 1.8)
      rack (>= 1.6.0)
      rack-test (>= 0.6.3)
      regexp_parser (>= 1.5, < 3.0)
      xpath (~> 3.2)
    carrierwave (2.2.5)
      activemodel (>= 5.0.0)
      activesupport (>= 5.0.0)
      addressable (~> 2.6)
      image_processing (~> 1.1)
      marcel (~> 1.0.0)
      mini_mime (>= 0.1.3)
      ssrf_filter (~> 1.0)
    cells (4.1.7)
      declarative-builder (< 0.2.0)
      declarative-option (< 0.2.0)
      tilt (>= 1.4, < 3)
      uber (< 0.2.0)
    cells-erb (0.1.0)
      cells (~> 4.0)
      erbse (>= 0.1.1)
    cells-rails (0.1.5)
      actionpack (>= 5.0)
      cells (>= 4.1.6, < 5.0.0)
    charlock_holmes (0.7.7)
    chartkick (4.2.1)
    chef-utils (18.4.2)
      concurrent-ruby
    childprocess (3.0.0)
    coercible (1.0.0)
      descendants_tracker (~> 0.0.1)
    coffee-rails (5.0.0)
      coffee-script (>= 2.2.0)
      railties (>= 5.2.0)
    coffee-script (2.4.1)
      coffee-script-source
      execjs
    coffee-script-source (1.12.2)
    concurrent-ruby (1.2.3)
    connection_pool (2.4.1)
    crack (1.0.0)
      bigdecimal
      rexml
    crass (1.0.6)
    css_parser (1.16.0)
      addressable
    date (3.3.4)
    date_validator (0.9.0)
      activemodel
      activesupport
    db-query-matchers (0.10.0)
      activesupport (>= 4.0, < 7)
      rspec (~> 3.0)
    decidim (0.25.2)
      decidim-accountability (= 0.25.2)
      decidim-admin (= 0.25.2)
      decidim-api (= 0.25.2)
      decidim-assemblies (= 0.25.2)
      decidim-blogs (= 0.25.2)
      decidim-budgets (= 0.25.2)
      decidim-comments (= 0.25.2)
      decidim-core (= 0.25.2)
      decidim-debates (= 0.25.2)
      decidim-forms (= 0.25.2)
      decidim-generators (= 0.25.2)
      decidim-meetings (= 0.25.2)
      decidim-pages (= 0.25.2)
      decidim-participatory_processes (= 0.25.2)
      decidim-proposals (= 0.25.2)
      decidim-sortitions (= 0.25.2)
      decidim-surveys (= 0.25.2)
      decidim-system (= 0.25.2)
      decidim-templates (= 0.25.2)
      decidim-verifications (= 0.25.2)
    decidim-accountability (0.25.2)
      decidim-comments (= 0.25.2)
      decidim-core (= 0.25.2)
    decidim-admin (0.25.2)
      active_link_to (~> 1.0)
      decidim-core (= 0.25.2)
      devise (~> 4.7)
      devise-i18n (~> 1.2)
      devise_invitable (~> 2.0)
    decidim-api (0.25.2)
      graphql (~> 1.12, >= 1.12.3)
      rack-cors (~> 1.0)
      redcarpet (~> 3.5, >= 3.5.1)
    decidim-assemblies (0.25.2)
      decidim-core (= 0.25.2)
    decidim-blogs (0.25.2)
      decidim-admin (= 0.25.2)
      decidim-comments (= 0.25.2)
      decidim-core (= 0.25.2)
    decidim-budgets (0.25.2)
      decidim-comments (= 0.25.2)
      decidim-core (= 0.25.2)
    decidim-comments (0.25.2)
      decidim-core (= 0.25.2)
      redcarpet (~> 3.5, >= 3.5.1)
    decidim-conferences (0.25.2)
      decidim-core (= 0.25.2)
      decidim-meetings (= 0.25.2)
      wicked_pdf (~> 2.1)
      wkhtmltopdf-binary (~> 0.12)
    decidim-consultations (0.25.2)
      decidim-admin (= 0.25.2)
      decidim-comments (= 0.25.2)
      decidim-core (= 0.25.2)
    decidim-core (0.25.2)
      active_link_to (~> 1.0)
      acts_as_list (~> 0.9)
      anchored (~> 1.1)
      batch-loader (~> 1.2)
      browser (~> 2.7)
      carrierwave (~> 2.2.1)
      cells-erb (~> 0.1.0)
      cells-rails (~> 0.1.3)
      charlock_holmes (~> 0.7)
      date_validator (~> 0.9.0)
      decidim-api (= 0.25.2)
      devise (~> 4.7)
      devise-i18n (~> 1.2)
      diffy (~> 3.3)
      doorkeeper (~> 5.1)
      doorkeeper-i18n (~> 4.0)
      etherpad-lite (~> 0.3)
      file_validators (~> 2.1)
      fog-local (~> 0.6)
      foundation_rails_helper
      geocoder (~> 1.5)
      hashdiff (>= 0.4.0, < 2.0.0)
      invisible_captcha (~> 0.12)
      kaminari (~> 1.2, >= 1.2.1)
      loofah (~> 2.3.1)
      mini_magick (~> 4.9)
      mustache (~> 1.1.0)
      nobspw (~> 0.6.0)
      omniauth (~> 2.0)
      omniauth-facebook (~> 5.0)
      omniauth-google-oauth2 (~> 1.0)
      omniauth-rails_csrf_protection (~> 1.0)
      omniauth-twitter (~> 1.4)
      paper_trail (~> 10.3)
      pg (~> 1.1.4, < 2)
      pg_search (~> 2.2)
      premailer-rails (~> 1.10)
      rack (~> 2.2, >= 2.2.3)
      rack-attack (~> 6.0)
      rails (~> 6.0.4)
      rails-i18n (~> 6.0)
      ransack (~> 2.4.1)
      rectify (~> 0.13.0)
      redis (~> 4.1)
      request_store (~> 1.5.0)
      rubyXL (~> 3.4)
      rubyzip (~> 2.0)
      searchlight (~> 4.1)
      seven_zip_ruby (~> 1.3)
      social-share-button (~> 1.2, >= 1.2.1)
      truncato (~> 0.7)
      valid_email2 (~> 2.1)
      webpacker (= 6.0.0.rc.5)
      wisper (~> 2.0)
    decidim-debates (0.25.2)
      decidim-comments (= 0.25.2)
      decidim-core (= 0.25.2)
    decidim-decidim_awesome (0.8.3)
      decidim-admin (>= 0.25.0, < 0.27)
      decidim-core (>= 0.25.0, < 0.27)
      sassc (~> 2.3)
    decidim-dev (0.25.2)
      axe-core-rspec (~> 4.1.0)
      byebug (~> 11.0)
      capybara (~> 3.24)
      db-query-matchers (~> 0.10.0)
      decidim (= 0.25.2)
      erb_lint (~> 0.0.35)
      factory_bot_rails (~> 4.8)
      i18n-tasks (~> 0.9.18)
      mdl (~> 0.5)
      nokogiri (~> 1.11, >= 1.11.4)
      puma (~> 5.0)
      rails-controller-testing (~> 1.0)
      rspec-cells (~> 0.3.4)
      rspec-html-matchers (~> 0.9.1)
      rspec-rails (~> 4.0)
      rspec-retry (~> 0.6.2)
      rspec_junit_formatter (~> 0.3.0)
      rubocop (~> 0.92.0)
      rubocop-rails (~> 2.8)
      rubocop-rspec (= 1.43.2)
      selenium-webdriver (~> 3.142)
      simplecov (~> 0.19.0)
      simplecov-cobertura (~> 1.3.1)
      system_test_html_screenshots (~> 0.2)
      w3c_rspec_validators (~> 0.3.0)
      webmock (~> 3.6)
      wisper-rspec (~> 1.0)
    decidim-forms (0.25.2)
      decidim-core (= 0.25.2)
      wicked_pdf (~> 2.1)
      wkhtmltopdf-binary (~> 0.12)
    decidim-generators (0.25.2)
      decidim-core (= 0.25.2)
    decidim-meetings (0.25.2)
      decidim-core (= 0.25.2)
      decidim-forms (= 0.25.2)
      icalendar (~> 2.5)
    decidim-notify (0.5)
      decidim-admin (>= 0.25)
      decidim-core (>= 0.25)
    decidim-pages (0.25.2)
      decidim-core (= 0.25.2)
    decidim-participatory_processes (0.25.2)
      decidim-core (= 0.25.2)
    decidim-proposals (0.25.2)
      decidim-comments (= 0.25.2)
      decidim-core (= 0.25.2)
      doc2text (~> 0.4.3)
      redcarpet (~> 3.5, >= 3.5.1)
    decidim-sortitions (0.25.2)
      decidim-admin (= 0.25.2)
      decidim-comments (= 0.25.2)
      decidim-core (= 0.25.2)
      decidim-proposals (= 0.25.2)
    decidim-surveys (0.25.2)
      decidim-core (= 0.25.2)
      decidim-forms (= 0.25.2)
      decidim-templates (= 0.25.2)
    decidim-system (0.25.2)
      active_link_to (~> 1.0)
      decidim-core (= 0.25.2)
      devise (~> 4.7)
      devise-i18n (~> 1.2)
      devise_invitable (~> 2.0)
    decidim-templates (0.25.2)
      decidim-core (= 0.25.2)
      decidim-forms (= 0.25.2)
    decidim-verifications (0.25.2)
      decidim-core (= 0.25.2)
    declarative-builder (0.1.0)
      declarative-option (< 0.2.0)
    declarative-option (0.1.0)
    descendants_tracker (0.0.4)
      thread_safe (~> 0.3, >= 0.3.1)
    devise (4.9.3)
      bcrypt (~> 3.0)
      orm_adapter (~> 0.1)
      railties (>= 4.1.0)
      responders
      warden (~> 1.2.3)
    devise-i18n (1.12.0)
      devise (>= 4.9.0)
    devise_invitable (2.0.9)
      actionmailer (>= 5.0)
      devise (>= 4.6)
    diff-lcs (1.5.1)
    diffy (3.4.2)
    doc2text (0.4.7)
      nokogiri (>= 1.13.2, < 1.17.0)
      rubyzip (~> 2.3.0)
    docile (1.4.0)
    domain_name (0.6.20240107)
    doorkeeper (5.6.9)
      railties (>= 5)
    doorkeeper-i18n (4.0.1)
    dumb_delegator (1.0.0)
    equalizer (0.0.11)
    erb_lint (0.0.37)
      activesupport
      better_html (~> 1.0.7)
      html_tokenizer
      parser (>= 2.7.1.4)
      rainbow
      rubocop
      smart_properties
    erbse (0.1.4)
      temple
    erubi (1.12.0)
    et-orbi (1.2.9)
      tzinfo
    etherpad-lite (0.3.1)
      rest-client (>= 1.6)
    excon (0.110.0)
    execjs (2.9.1)
    factory_bot (4.11.1)
      activesupport (>= 3.0.0)
    factory_bot_rails (4.11.1)
      factory_bot (~> 4.11.1)
      railties (>= 3.0.0)
    faker (2.23.0)
      i18n (>= 1.8.11, < 2)
    faraday (2.8.1)
      base64
      faraday-net_http (>= 2.0, < 3.1)
      ruby2_keywords (>= 0.0.4)
    faraday-net_http (3.0.2)
    ffi (1.16.3)
    figaro (1.2.0)
      thor (>= 0.14.0, < 2)
    file_validators (2.3.0)
      activemodel (>= 3.2)
      mime-types (>= 1.0)
    fog-aws (3.21.1)
      fog-core (~> 2.1)
      fog-json (~> 1.1)
      fog-xml (~> 0.1)
    fog-core (2.4.0)
      builder
      excon (~> 0.71)
      formatador (>= 0.2, < 2.0)
      mime-types
    fog-json (1.2.0)
      fog-core
      multi_json (~> 1.10)
    fog-local (0.8.0)
      fog-core (>= 1.27, < 3.0)
    fog-xml (0.1.4)
      fog-core
      nokogiri (>= 1.5.11, < 2.0.0)
    formatador (1.1.0)
    foundation_rails_helper (4.0.1)
      actionpack (>= 4.1, < 7.1)
      activemodel (>= 4.1, < 7.1)
      activesupport (>= 4.1, < 7.1)
      railties (>= 4.1, < 7.1)
    fugit (1.10.1)
      et-orbi (~> 1, >= 1.2.7)
      raabro (~> 1.4)
    geocoder (1.8.2)
    globalid (1.1.0)
      activesupport (>= 5.0)
    graphlient (0.0.5)
    graphql (1.13.22)
      base64
    hashdiff (1.1.0)
    hashie (5.0.0)
    health_check (3.1.0)
      railties (>= 5.0)
    highline (2.1.0)
    html_tokenizer (0.0.7)
    htmlentities (4.3.4)
    http-accept (1.7.0)
    http-cookie (1.0.5)
      domain_name (~> 0.5)
    i18n (1.14.4)
      concurrent-ruby (~> 1.0)
    i18n-tasks (0.9.37)
      activesupport (>= 4.0.2)
      ast (>= 2.1.0)
      erubi
      highline (>= 2.0.0)
      i18n
      parser (>= 2.2.3.0)
      rails-i18n
      rainbow (>= 2.2.2, < 4.0)
      terminal-table (>= 1.5.1)
    icalendar (2.10.1)
      ice_cube (~> 0.16)
    ice_cube (0.16.4)
    ice_nine (0.11.2)
    image_processing (1.12.2)
      mini_magick (>= 4.9.5, < 5)
      ruby-vips (>= 2.0.17, < 3)
    invisible_captcha (0.13.0)
      rails (>= 3.2.0)
    jmespath (1.6.2)
    json (2.7.1)
    jwt (2.8.1)
      base64
    kaminari (1.2.2)
      activesupport (>= 4.1.0)
      kaminari-actionview (= 1.2.2)
      kaminari-activerecord (= 1.2.2)
      kaminari-core (= 1.2.2)
    kaminari-actionview (1.2.2)
      actionview
      kaminari-core (= 1.2.2)
    kaminari-activerecord (1.2.2)
      activerecord
      kaminari-core (= 1.2.2)
    kaminari-core (1.2.2)
    kramdown (2.4.0)
      rexml
    kramdown-parser-gfm (1.1.0)
      kramdown (~> 2.0)
    launchy (2.5.2)
      addressable (~> 2.8)
    letter_opener (1.9.0)
      launchy (>= 2.2, < 3)
    letter_opener_web (1.4.1)
      actionmailer (>= 3.2)
      letter_opener (~> 1.0)
      railties (>= 3.2)
    listen (3.9.0)
      rb-fsevent (~> 0.10, >= 0.10.3)
      rb-inotify (~> 0.9, >= 0.9.10)
    loofah (2.3.1)
      crass (~> 1.0.2)
      nokogiri (>= 1.5.9)
    mail (2.8.1)
      mini_mime (>= 0.1.1)
      net-imap
      net-pop
      net-smtp
    marcel (1.0.4)
    matrix (0.4.2)
    mdl (0.13.0)
      kramdown (~> 2.3)
      kramdown-parser-gfm (~> 1.1)
      mixlib-cli (~> 2.1, >= 2.1.1)
      mixlib-config (>= 2.2.1, < 4)
      mixlib-shellout
    method_source (1.0.0)
    mime-types (3.5.2)
      mime-types-data (~> 3.2015)
    mime-types-data (3.2024.0305)
    mini_magick (4.12.0)
    mini_mime (1.1.5)
    mini_portile2 (2.8.5)
    minitest (5.22.3)
    mixlib-cli (2.1.8)
    mixlib-config (3.0.27)
      tomlrb
    mixlib-shellout (3.2.7)
      chef-utils
    msgpack (1.7.2)
    multi_json (1.15.0)
    multi_xml (0.6.0)
    mustache (1.1.1)
    mutex_m (0.2.0)
    net-imap (0.4.10)
      date
      net-protocol
    net-pop (0.1.2)
      net-protocol
    net-protocol (0.2.2)
      timeout
    net-scp (4.0.0)
      net-ssh (>= 2.6.5, < 8.0.0)
    net-sftp (4.0.0)
      net-ssh (>= 5.0.0, < 8.0.0)
    net-smtp (0.4.0.1)
      net-protocol
    net-ssh (7.2.1)
    netrc (0.11.0)
    nio4r (2.7.0)
    nobspw (0.6.2)
    nokogiri (1.15.5)
      mini_portile2 (~> 2.8.2)
      racc (~> 1.4)
    oauth (1.1.0)
      oauth-tty (~> 1.0, >= 1.0.1)
      snaky_hash (~> 2.0)
      version_gem (~> 1.1)
    oauth-tty (1.0.5)
      version_gem (~> 1.1, >= 1.1.1)
    oauth2 (2.0.9)
      faraday (>= 0.17.3, < 3.0)
      jwt (>= 1.0, < 3.0)
      multi_xml (~> 0.5)
      rack (>= 1.2, < 4)
      snaky_hash (~> 2.0)
      version_gem (~> 1.1)
    omniauth (2.1.2)
      hashie (>= 3.4.6)
      rack (>= 2.2.3)
      rack-protection
    omniauth-facebook (5.0.0)
      omniauth-oauth2 (~> 1.2)
    omniauth-google-oauth2 (1.1.1)
      jwt (>= 2.0)
      oauth2 (~> 2.0.6)
      omniauth (~> 2.0)
      omniauth-oauth2 (~> 1.8.0)
    omniauth-oauth (1.2.0)
      oauth
      omniauth (>= 1.0, < 3)
    omniauth-oauth2 (1.8.0)
      oauth2 (>= 1.4, < 3)
      omniauth (~> 2.0)
    omniauth-rails_csrf_protection (1.0.1)
      actionpack (>= 4.2)
      omniauth (~> 2.0)
    omniauth-twitter (1.4.0)
      omniauth-oauth (~> 1.1)
      rack
    orm_adapter (0.5.0)
    paper_trail (10.3.1)
      activerecord (>= 4.2)
      request_store (~> 1.1)
    parallel (1.24.0)
    parser (3.3.0.5)
      ast (~> 2.4.1)
      racc
    pg (1.1.4)
    pg_search (2.3.6)
      activerecord (>= 5.2)
      activesupport (>= 5.2)
    premailer (1.22.0)
      addressable
      css_parser (>= 1.12.0)
      htmlentities (>= 4.0.0)
    premailer-rails (1.12.0)
      actionmailer (>= 3)
      net-smtp
      premailer (~> 1.7, >= 1.7.9)
    public_suffix (5.0.4)
    puma (5.6.8)
      nio4r (~> 2.0)
    raabro (1.4.0)
    racc (1.7.3)
    rack (2.2.8.1)
    rack-attack (6.7.0)
      rack (>= 1.0, < 4)
    rack-cors (1.1.1)
      rack (>= 2.0.0)
    rack-protection (3.2.0)
      base64 (>= 0.1.0)
      rack (~> 2.2, >= 2.2.4)
    rack-proxy (0.7.7)
      rack
    rack-test (2.1.0)
      rack (>= 1.3)
    rails (6.0.6.1)
      actioncable (= 6.0.6.1)
      actionmailbox (= 6.0.6.1)
      actionmailer (= 6.0.6.1)
      actionpack (= 6.0.6.1)
      actiontext (= 6.0.6.1)
      actionview (= 6.0.6.1)
      activejob (= 6.0.6.1)
      activemodel (= 6.0.6.1)
      activerecord (= 6.0.6.1)
      activestorage (= 6.0.6.1)
      activesupport (= 6.0.6.1)
      bundler (>= 1.3.0)
      railties (= 6.0.6.1)
      sprockets-rails (>= 2.0.0)
    rails-controller-testing (1.0.5)
      actionpack (>= 5.0.1.rc1)
      actionview (>= 5.0.1.rc1)
      activesupport (>= 5.0.1.rc1)
    rails-dom-testing (2.2.0)
      activesupport (>= 5.0.0)
      minitest
      nokogiri (>= 1.6)
    rails-html-sanitizer (1.4.3)
      loofah (~> 2.3)
    rails-i18n (6.0.0)
      i18n (>= 0.7, < 2)
      railties (>= 6.0.0, < 7)
    railties (6.0.6.1)
      actionpack (= 6.0.6.1)
      activesupport (= 6.0.6.1)
      method_source
      rake (>= 0.8.7)
      thor (>= 0.20.3, < 2.0)
    rainbow (3.1.1)
    rake (13.1.0)
    ransack (2.4.2)
      activerecord (>= 5.2.4)
      activesupport (>= 5.2.4)
      i18n
    rb-fsevent (0.11.2)
    rb-inotify (0.10.1)
      ffi (~> 1.0)
    rectify (0.13.0)
      activemodel (>= 4.1.0)
      activerecord (>= 4.1.0)
      activesupport (>= 4.1.0)
      virtus (~> 1.0.5)
      wisper (>= 1.6.1)
    redcarpet (3.6.0)
    redis (4.8.1)
    regexp_parser (2.9.0)
    request_store (1.5.1)
      rack (>= 1.4)
    responders (3.1.1)
      actionpack (>= 5.2)
      railties (>= 5.2)
    rest-client (2.1.0)
      http-accept (>= 1.7.0, < 2.0)
      http-cookie (>= 1.0.2, < 2.0)
      mime-types (>= 1.16, < 4.0)
      netrc (~> 0.8)
    rexml (3.2.6)
    rspec (3.13.0)
      rspec-core (~> 3.13.0)
      rspec-expectations (~> 3.13.0)
      rspec-mocks (~> 3.13.0)
    rspec-cells (0.3.9)
      cells (>= 4.0.0, < 6.0.0)
      rspec-rails (>= 3.0.0, < 6.2.0)
    rspec-core (3.13.0)
      rspec-support (~> 3.13.0)
    rspec-expectations (3.13.0)
      diff-lcs (>= 1.2.0, < 2.0)
      rspec-support (~> 3.13.0)
    rspec-html-matchers (0.9.4)
      nokogiri (~> 1)
      rspec (>= 3.0.0.a, < 4)
    rspec-mocks (3.13.0)
      diff-lcs (>= 1.2.0, < 2.0)
      rspec-support (~> 3.13.0)
    rspec-rails (4.1.2)
      actionpack (>= 4.2)
      activesupport (>= 4.2)
      railties (>= 4.2)
      rspec-core (~> 3.10)
      rspec-expectations (~> 3.10)
      rspec-mocks (~> 3.10)
      rspec-support (~> 3.10)
    rspec-retry (0.6.2)
      rspec-core (> 3.3)
    rspec-support (3.13.1)
    rspec_junit_formatter (0.3.0)
      rspec-core (>= 2, < 4, != 2.12.0)
    rubocop (0.92.0)
      parallel (~> 1.10)
      parser (>= 2.7.1.5)
      rainbow (>= 2.2.2, < 4.0)
      regexp_parser (>= 1.7)
      rexml
      rubocop-ast (>= 0.5.0)
      ruby-progressbar (~> 1.7)
      unicode-display_width (>= 1.4.0, < 2.0)
    rubocop-ast (1.31.2)
      parser (>= 3.3.0.4)
    rubocop-faker (1.1.0)
      faker (>= 2.12.0)
      rubocop (>= 0.82.0)
    rubocop-rails (2.9.1)
      activesupport (>= 4.2.0)
      rack (>= 1.1)
      rubocop (>= 0.90.0, < 2.0)
    rubocop-rspec (1.43.2)
      rubocop (~> 0.87)
    ruby-progressbar (1.13.0)
    ruby-vips (2.2.1)
      ffi (~> 1.12)
    ruby2_keywords (0.0.5)
    rubyXL (3.4.25)
      nokogiri (>= 1.10.8)
      rubyzip (>= 1.3.0)
    rubyzip (2.3.2)
    sassc (2.4.0)
      ffi (~> 1.9)
    searchlight (4.1.0)
    selenium-webdriver (3.142.7)
      childprocess (>= 0.5, < 4.0)
      rubyzip (>= 1.2.2)
    semantic_range (3.0.0)
    sentry-rails (5.17.0)
      railties (>= 5.0)
      sentry-ruby (~> 5.17.0)
    sentry-ruby (5.17.0)
      bigdecimal
      concurrent-ruby (~> 1.0, >= 1.0.2)
    seven_zip_ruby (1.3.0)
    sidekiq (6.5.12)
      connection_pool (>= 2.2.5, < 3)
      rack (~> 2.0)
      redis (>= 4.5.0, < 5)
    sidekiq-cron (1.12.0)
      fugit (~> 1.8)
      globalid (>= 1.0.1)
      sidekiq (>= 6)
    simplecov (0.19.1)
      docile (~> 1.1)
      simplecov-html (~> 0.11)
    simplecov-cobertura (1.3.1)
      simplecov (~> 0.8)
    simplecov-html (0.12.3)
    smart_properties (1.17.0)
    snaky_hash (2.0.1)
      hashie
      version_gem (~> 1.1, >= 1.1.1)
    social-share-button (1.2.4)
      coffee-rails
    spring (4.1.3)
    spring-watcher-listen (2.1.0)
      listen (>= 2.7, < 4.0)
      spring (>= 4)
    sprockets (4.2.1)
      concurrent-ruby (~> 1.0)
      rack (>= 2.2.4, < 4)
    sprockets-rails (3.4.2)
      actionpack (>= 5.2)
      activesupport (>= 5.2)
      sprockets (>= 3.0.0)
    sshkit (1.22.0)
      mutex_m
      net-scp (>= 1.1.2)
      net-sftp (>= 2.1.2)
      net-ssh (>= 2.8.0)
    sshkit-interactive (0.3.0)
      sshkit (~> 1.12)
    ssrf_filter (1.1.2)
    system_test_html_screenshots (0.2.0)
      actionpack (>= 5.2, < 6.1.a)
    temple (0.10.3)
    terminal-table (3.0.2)
      unicode-display_width (>= 1.1.1, < 3)
    thor (1.3.1)
    thread_safe (0.3.6)
    tilt (2.3.0)
    timeout (0.4.1)
    tomlrb (2.0.3)
    truncato (0.7.12)
      htmlentities (~> 4.3.1)
      nokogiri (>= 1.7.0, <= 2.0)
    tzinfo (1.2.11)
      thread_safe (~> 0.1)
    uber (0.1.0)
    uglifier (4.2.0)
      execjs (>= 0.3.0, < 3)
    unicode-display_width (1.8.0)
    valid_email2 (2.3.1)
      activemodel (>= 3.2)
      mail (~> 2.5)
    version_gem (1.1.3)
    virtus (1.0.5)
      axiom-types (~> 0.1)
      coercible (~> 1.0)
      descendants_tracker (~> 0.0, >= 0.0.3)
      equalizer (~> 0.0, >= 0.0.9)
    w3c_rspec_validators (0.3.0)
      rails
      rspec
      w3c_validators
    w3c_validators (1.3.7)
      json (>= 1.8)
      nokogiri (~> 1.6)
      rexml (~> 3.2)
    warden (1.2.9)
      rack (>= 2.0.9)
    web-console (3.7.0)
      actionview (>= 5.0)
      activemodel (>= 5.0)
      bindex (>= 0.4.0)
      railties (>= 5.0)
    webmock (3.23.0)
      addressable (>= 2.8.0)
      crack (>= 0.3.2)
      hashdiff (>= 0.4.0, < 2.0.0)
    webpacker (6.0.0.rc.5)
      activesupport (>= 5.2)
      rack-proxy (>= 0.6.1)
      railties (>= 5.2)
      semantic_range (>= 2.3.0)
    websocket-driver (0.7.6)
      websocket-extensions (>= 0.1.0)
    websocket-extensions (0.1.5)
    wicked_pdf (2.8.0)
      activesupport
    wisper (2.0.1)
    wisper-rspec (1.1.0)
    wkhtmltopdf-binary (0.12.6.6)
    xpath (3.2.0)
      nokogiri (~> 1.8)
    zeitwerk (2.6.13)

PLATFORMS
  ruby

DEPENDENCIES
  aws-sdk-s3
  bootsnap (~> 1.4)
  byebug (~> 11.0)
  capistrano (~> 3.14)
  capistrano-bundler
  capistrano-passenger
  capistrano-rails
  capistrano-rails-console
  capistrano-rbenv
  capistrano-sidekiq
  decidim (~> 0.25.2)
  decidim-alternative_landing!
  decidim-comparative_stats!
  decidim-conferences (~> 0.25.2)
  decidim-consultations (~> 0.25.2)
  decidim-decidim_awesome (~> 0.8)
  decidim-dev (~> 0.25.2)
  decidim-direct_verifications!
  decidim-navigation_maps!
  decidim-notify (~> 0.5)
  decidim-templates (~> 0.25.2)
  decidim-term_customizer!
  decidim-time_tracker!
  faker (~> 2.14)
  figaro (~> 1.2)
  fog-aws
  health_check
  letter_opener_web (~> 1.3)
  listen (~> 3.1)
  puma (>= 5.0.0)
  rspec (~> 3.10)
  rubocop-faker
  sentry-rails
  sentry-ruby
  sidekiq (~> 6.0)
  sidekiq-cron
  spring (~> 4.0)
  spring-watcher-listen (~> 2.1)
  uglifier (~> 4.1)
  web-console (~> 3.5)
  wicked_pdf (~> 2.1)

RUBY VERSION
   ruby 2.7.5p203

BUNDLED WITH
   2.1.4
